PATH
  remote: .
  specs:
    fluent-plugin-zabbix-simple (1.0.0)
      fluentd
      zabbix

GEM
  remote: https://rubygems.org/
  specs:
    cool.io (1.1.0)
      iobuffer (>= 1.0.0)
    fluentd (0.10.31)
      cool.io (~> 1.1.0)
      http_parser.rb (~> 0.5.1)
      json (>= 1.4.3)
      msgpack (~> 0.4.4)
      yajl-ruby (~> 1.0)
    http_parser.rb (0.5.3)
    iobuffer (1.1.2)
    json (1.7.7)
    msgpack (0.4.7)
    yajl-ruby (1.1.0)
    zabbix (0.4.0)

PLATFORMS
  ruby

DEPENDENCIES
  fluent-plugin-zabbix-simple!
  fluentd
